GEM
  remote: https://rubygems.org/
  remote: http://gems.github.com/
  specs:
    actionmailer (0.6.1)
      actionpack (>= 0.9.5)
    actionpack (3.2.11)
      activemodel (= 3.2.11)
      activesupport (= 3.2.11)
      builder (~> 3.0.0)
      erubis (~> 2.7.0)
      journey (~> 1.0.4)
      rack (~> 1.4.0)
      rack-cache (~> 1.2)
      rack-test (~> 0.6.1)
      sprockets (~> 2.2.1)
    activemodel (3.2.11)
      activesupport (= 3.2.11)
      builder (~> 3.0.0)
    activerecord (3.2.11)
      activemodel (= 3.2.11)
      activesupport (= 3.2.11)
      arel (~> 3.0.2)
      tzinfo (~> 0.3.29)
    activesupport (3.2.11)
      i18n (~> 0.6)
      multi_json (~> 1.0)
    addressable (2.3.2)
    arel (3.0.2)
    aws (2.6.0)
      http_connection
      uuidtools
      xml-simple
    aws-sdk (1.8.0)
      httparty (~> 0.7)
      json (~> 1.4)
      nokogiri (>= 1.4.4)
      uuidtools (~> 2.1)
    bcrypt-ruby (3.0.1)
    browser (0.1.5)
    builder (3.0.4)
    capybara (2.0.2)
      mime-types (>= 1.16)
      nokogiri (>= 1.3.3)
      rack (>= 1.0.0)
      rack-test (>= 0.5.4)
      selenium-webdriver (~> 2.0)
      xpath (~> 1.0.0)
    childprocess (0.3.6)
      ffi (~> 1.0, >= 1.0.6)
    coffee-rails (3.2.2)
      coffee-script (>= 2.2.0)
      railties (~> 3.2.0)
    coffee-script (2.2.0)
      coffee-script-source
      execjs
    coffee-script-source (1.4.0)
    delayed_job (3.0.4)
      activesupport (~> 3.0)
    delayed_job_active_record (0.3.3)
      activerecord (>= 2.1.0, < 4)
      delayed_job (~> 3.0)
    diff-lcs (1.1.3)
    erubis (2.7.0)
    excon (0.16.10)
    execjs (1.4.0)
      multi_json (~> 1.0)
    factory_girl (4.1.0)
      activesupport (>= 3.0.0)
    factory_girl_rails (4.1.0)
      factory_girl (~> 4.1.0)
      railties (>= 3.0.0)
    fattr (2.2.1)
    ffi (1.3.0)
    googlecharts (1.6.8)
    heroku (2.33.5)
      heroku-api (~> 0.3.7)
      launchy (>= 0.3.2)
      netrc (~> 0.7.7)
      rest-client (~> 1.6.1)
      rubyzip
    heroku-api (0.3.7)
      excon (~> 0.16.10)
    hike (1.2.1)
    hirefire (0.1.4)
      heroku (>= 1.4)
      rush (~> 0.6.7)
    http_connection (1.4.2)
    httparty (0.9.0)
      multi_json (~> 1.0)
      multi_xml
    i18n (0.6.1)
    journey (1.0.4)
    jquery-rails (2.1.4)
      railties (>= 3.0, < 5.0)
      thor (>= 0.14, < 2.0)
    json (1.7.6)
    launchy (2.1.2)
      addressable (~> 2.3)
    libwebsocket (0.1.7.1)
      addressable
      websocket
    mail (2.5.3)
      i18n (>= 0.4.0)
      mime-types (~> 1.16)
      treetop (~> 1.4.8)
    mime-types (1.19)
    moonshado-sms (1.1.1)
      json (>= 1.2.0)
      rest-client (>= 1.6.0)
    multi_json (1.5.0)
    multi_xml (0.5.1)
    mysql2 (0.3.11)
    netrc (0.7.7)
    newrelic_rpm (3.5.4.34)
    nokogiri (1.5.6)
    pg (0.14.1)
    polyglot (0.3.3)
    pony (1.4)
      mail (> 2.0)
    pyapns (0.3.0)
    rack (1.4.3)
    rack-cache (1.2)
      rack (>= 0.4)
    rack-ssl (1.3.2)
      rack
    rack-test (0.6.2)
      rack (>= 1.0)
    rails (0.9.5)
      actionpack (>= 1.4.0)
      activerecord (>= 1.6.0)
      rake (>= 0.4.15)
    railties (3.2.11)
      actionpack (= 3.2.11)
      activesupport (= 3.2.11)
      rack-ssl (~> 1.3.2)
      rake (>= 0.8.7)
      rdoc (~> 3.4)
      thor (>= 0.14.6, < 2.0)
    rake (10.0.3)
    rdoc (3.12)
      json (~> 1.4)
    redis (3.0.2)
    rest-client (1.6.7)
      mime-types (>= 1.16)
    rspec-core (2.12.2)
    rspec-expectations (2.12.1)
      diff-lcs (~> 1.1.3)
    rspec-mocks (2.12.1)
    rspec-rails (2.12.1)
      actionpack (>= 3.0)
      activesupport (>= 3.0)
      railties (>= 3.0)
      rspec-core (~> 2.12.0)
      rspec-expectations (~> 2.12.0)
      rspec-mocks (~> 2.12.0)
    rubyzip (0.9.9)
    rush (0.6.8)
      session
    sass (3.2.5)
    sass-rails (3.2.5)
      railties (~> 3.2.0)
      sass (>= 3.1.10)
      tilt (~> 1.3)
    selenium-webdriver (2.27.2)
      childprocess (>= 0.2.5)
      libwebsocket (~> 0.1.3)
      multi_json (~> 1.0)
      rubyzip
    session (3.1.0)
      fattr
    sprockets (2.2.2)
      hike (~> 1.2)
      multi_json (~> 1.0)
      rack (~> 1.0)
      tilt (~> 1.1, != 1.3.0)
    thor (0.16.0)
    tilt (1.3.3)
    treetop (1.4.12)
      polyglot
      polyglot (>= 0.3.1)
    tzinfo (0.3.35)
    uglifier (1.3.0)
      execjs (>= 0.3.0)
      multi_json (~> 1.0, >= 1.0.2)
    uuidtools (2.1.3)
    websocket (1.0.6)
    xml-simple (1.1.2)
    xpath (1.0.0)
      nokogiri (~> 1.3)

PLATFORMS
  ruby

DEPENDENCIES
  aws
  aws-sdk
  bcrypt-ruby
  browser (~> 0.1.4)
  capybara
  coffee-rails (~> 3.2.1)
  delayed_job_active_record
  factory_girl_rails (~> 4.0)
  googlecharts
  hirefire
  httparty
  jquery-rails
  moonshado-sms
  mysql2
  newrelic_rpm
  pg
  pony
  pyapns
  rails
  redis
  rspec-rails (~> 2.0)
  sass-rails (~> 3.2.3)
  uglifier (>= 1.0.3)
